GEM
  remote: https://rubygems.org/
  specs:
    ast (2.4.1)
    jaro_winkler (1.5.4)
    kwalify (0.7.2)
    parallel (1.19.2)
    parser (2.7.1.4)
      ast (~> 2.4.1)
    psych (3.1.0)
    rainbow (3.0.0)
    reek (6.0.1)
      kwalify (~> 0.7.0)
      parser (>= 2.5.0.0, < 2.8, != 2.5.1.1)
      psych (~> 3.1.0)
      rainbow (>= 2.0, < 4.0)
    rexml (3.2.4)
    rubocop (0.82.0)
      jaro_winkler (~> 1.5.1)
      parallel (~> 1.10)
      parser (>= 2.7.0.1)
      rainbow (>= 2.2.2, < 4.0)
      rexml
      ruby-progressbar (~> 1.7)
      unicode-display_width (>= 1.4.0, < 2.0)
    ruby-progressbar (1.10.1)
    unicode-display_width (1.7.0)

PLATFORMS
  ruby

DEPENDENCIES
  reek (= 6.0.1)
  rubocop (= 0.82.0)

BUNDLED WITH
   2.1.4
